GEM
  remote: https://rubygems.org/
  specs:
    addressable (2.8.0)
      public_suffix (>= 2.0.2, < 5.0)
    connection_pool (2.2.5)
    estackprof (0.1.1)
      launchy
      stackprof (~> 0.2)
      thor (~> 1.1.0)
    jwt (2.2.3)
    launchy (2.5.0)
      addressable (~> 2.7)
    multi_json (1.15.0)
    mustermann (1.1.1)
      ruby2_keywords (~> 0.0.1)
    mysql2 (0.5.3)
    mysql2-cs-bind (0.1.0)
      mysql2
    nio4r (2.5.8)
    public_suffix (4.0.6)
    puma (5.4.0)
      nio4r (~> 2.0)
    rack (2.2.3)
    rack-protection (2.1.0)
      rack
    redis (4.4.0)
    ruby2_keywords (0.0.5)
    sidekiq (6.2.2)
      connection_pool (>= 2.2.2)
      rack (~> 2.0)
      redis (>= 4.2.0)
    sinatra (2.1.0)
      mustermann (~> 1.0)
      rack (~> 2.2)
      rack-protection (= 2.1.0)
      tilt (~> 2.0)
    sinatra-contrib (2.1.0)
      multi_json
      mustermann (~> 1.0)
      rack-protection (= 2.1.0)
      sinatra (= 2.1.0)
      tilt (~> 2.0)
    stackprof (0.2.17)
    thor (1.1.0)
    tilt (2.0.10)

PLATFORMS
  ruby

DEPENDENCIES
  estackprof
  jwt
  mysql2
  mysql2-cs-bind
  puma
  sidekiq
  sinatra
  sinatra-contrib

BUNDLED WITH
   2.2.28
